GEM
  remote: https://rubygems.org/
  specs:
    amq-protocol (2.0.1)
    aws-sdk (2.6.41)
      aws-sdk-resources (= 2.6.41)
    aws-sdk-core (2.6.41)
      aws-sigv4 (~> 1.0)
      jmespath (~> 1.0)
    aws-sdk-resources (2.6.41)
      aws-sdk-core (= 2.6.41)
    aws-sigv4 (1.0.0)
    bunny (2.6.2)
      amq-protocol (>= 2.0.1)
    jmespath (1.3.1)
    json (1.8.1)
    network_interface (0.0.1)
    packetfu (1.1.11)
      network_interface (~> 0.0)
      pcaprub (~> 0.12)
    pcaprub (0.12.0)
    rainbow (2.0.0)
    rubyzip (1.1.7)
    terminal-table (1.5.2)

PLATFORMS
  ruby

DEPENDENCIES
  aws-sdk (~> 2)
  bunny
  json
  packetfu
  rainbow
  rubyzip
  terminal-table

BUNDLED WITH
   1.12.4
